GEM
  remote: https://rubygems.org/
  specs:
    minitest (5.25.5)
    rake (13.3.0)

PLATFORMS
  ruby
  x86_64-linux

DEPENDENCIES
  minitest (~> 5.20)
  rake (~> 13.0)

BUNDLED WITH
   2.5.11
